GEM
  remote: https://rubygems.org/
  specs:
    RedCloth (4.2.9)
    activesupport (5.0.0.1)
      concurrent-ruby (~> 1.0, >= 1.0.2)
      i18n (~> 0.7)
      minitest (~> 5.1)
      tzinfo (~> 1.1)
    addressable (2.5.0)
    backports (3.6.8)
    blankslate (2.1.2.4)
    classifier-reborn (2.0.4)
      fast-stemmer (~> 1.0)
    coffee-script (2.4.1)
      coffee-script-source
      execjs
    coffee-script-source (1.11.1)
    colorator (1.1.0)
    concurrent-ruby (1.0.2)
    diff-lcs (1.2.5)
    ethon (0.10.1)
      ffi (>= 1.3.0)
    execjs (2.7.0)
    extras (0.1.0)
      forwardable-extended (~> 2.5)
    faraday (0.10.0)
      multipart-post (>= 1.2, < 3)
    fast-stemmer (1.0.2)
    fastimage (2.0.1)
      addressable (= 2.5.0)
    ffi (1.9.14-x64-mingw32)
    forwardable-extended (2.6.0)
    gemoji (2.1.0)
    github-pages (107)
      RedCloth (= 4.2.9)
      github-pages-health-check (= 1.3.0)
      jekyll (= 3.3.1)
      jekyll-coffeescript (= 1.0.1)
      jekyll-feed (= 0.8.0)
      jekyll-gist (= 1.4.0)
      jekyll-mentions (= 1.2.0)
      jekyll-paginate (= 1.1.0)
      jekyll-redirect-from (= 0.11.0)
      jekyll-sass-converter (= 1.3.0)
      jekyll-seo-tag (= 2.1.0)
      jekyll-sitemap (= 0.12.0)
      jemoji (= 0.7.0)
      kramdown (= 1.11.1)
      liquid (= 3.0.6)
      maruku (= 0.7.0)
      mercenary (~> 0.3)
      pygments.rb (= 0.6.3)
      rdiscount (= 2.1.8)
      redcarpet (= 3.3.3)
      terminal-table (~> 1.4)
    github-pages-health-check (1.3.0)
      addressable (= 2.5.0)
      net-dns (~> 0.8)
      public_suffix (= 2.0.4)
      typhoeus (~> 0.7)
    hike (1.2.3)
    html-pipeline (2.4.2)
      activesupport (>= 2)
      nokogiri (~> 1.4)
    i18n (0.7.0)
    jekyll (3.3.1)
      classifier-reborn (~> 2.0)
      colorator (= 1.1.0)
      jekyll-coffeescript (~> 1.0)
      jekyll-gist (~> 1.0)
      jekyll-paginate (~> 1.0)
      jekyll-sass-converter (~> 1.0)
      jekyll-watch (~> 1.1)
      kramdown (= 1.11.1)
      liquid (= 3.0.6)
      mercenary (~> 0.3.3)
      pygments.rb (~> 0.6.0)
      redcarpet (~> 3.1)
      safe_yaml (~> 1.0)
      toml (~> 0.1.0)
    jekyll-admin (0.1.1)
      addressable (~> 2.4)
      jekyll (~> 3.1)
      sinatra (~> 1.4)
      sinatra-contrib (~> 1.4)
    jekyll-assets (2.2.8)
      fastimage (= 2.0.1)
      jekyll (= 3.3.1)
      mini_magick (~> 4.1)
      sass (~> 3.2)
      sprockets (= 3.6.3)
      sprockets-helpers
      sprockets-sass
    jekyll-avatar (0.4.2)
      jekyll (~> 3.0)
    jekyll-coffeescript (1.0.1)
      coffee-script (~> 2.2)
    jekyll-default-layout (0.1.4)
      jekyll (~> 3.0)
    jekyll-feed (0.8.0)
    jekyll-gist (1.4.0)
      octokit (~> 4.2)
    jekyll-github-metadata (2.2.0)
      jekyll (~> 3.1)
      octokit (~> 4.0, != 4.4.0)
    jekyll-mentions (1.2.0)
      html-pipeline (= 2.4.2)
      jekyll (= 3.3.1)
    jekyll-optional-front-matter (0.1.2)
      jekyll (~> 3.0)
    jekyll-paginate (1.1.0)
    jekyll-readme-index (0.0.2)
      jekyll (~> 3.0)
    jekyll-redirect-from (0.11.0)
      jekyll (= 3.3.1)
    jekyll-relative-links (0.2.1)
      jekyll (~> 3.3)
    jekyll-sass-converter (1.3.0)
      sass (~> 3.2)
    jekyll-seo-tag (2.1.0)
      jekyll (= 3.3.1)
    jekyll-sitemap (0.12.0)
    jekyll-swiss (0.4.0)
    jekyll-theme-primer (0.1.1)
      jekyll (~> 3.3)
    jekyll-titles-from-headings (0.1.2)
      jekyll (~> 3.3)
    jekyll-watch (1.5.0)
      listen (~> 3.0, < 3.1)
    jemoji (0.7.0)
      gemoji (~> 2.0)
      html-pipeline (= 2.4.2)
      jekyll (= 3.3.1)
    kramdown (1.11.1)
    liquid (3.0.6)
    listen (3.0.8)
      rb-fsevent (~> 0.9, >= 0.9.4)
      rb-inotify (~> 0.9, >= 0.9.7)
    maruku (0.7.0)
    mercenary (0.3.6)
    mini_magick (4.6.0)
    mini_portile2 (2.1.0)
    minima (2.0.0)
    minitest (5.10.1)
    multi_json (1.12.1)
    multipart-post (2.0.0)
    net-dns (0.8.0)
    nokogiri (1.6.8.1-x64-mingw32)
      mini_portile2 (~> 2.1.0)
    octokit (4.6.2)
      sawyer (~> 0.8.0, >= 0.5.3)
    parslet (1.5.0)
      blankslate (~> 2.0)
    pathutil (0.14.0)
      forwardable-extended (~> 2.6)
    posix-spawn (0.3.12)
    public_suffix (2.0.4)
    pygments.rb (0.6.3)
      posix-spawn (~> 0.3.6)
      yajl-ruby (~> 1.2.0)
    rack (2.0.1)
    rack-protection (1.5.3)
      rack
    rack-test (0.6.3)
      rack (= 2.0.1)
    rake (12.0.0)
    rb-fsevent (0.9.8)
    rb-inotify (0.9.7)
      ffi (>= 0.5.0)
    rdiscount (2.1.8)
    redcarpet (3.3.3)
    rouge (1.11.1)
    rspec (3.5.0)
      rspec-core (~> 3.5.0)
      rspec-expectations (~> 3.5.0)
      rspec-mocks (~> 3.5.0)
    rspec-core (3.5.4)
      rspec-support (~> 3.5.0)
    rspec-expectations (3.5.0)
      diff-lcs (>= 1.2.0, < 2.0)
      rspec-support (~> 3.5.0)
    rspec-mocks (3.5.0)
      diff-lcs (>= 1.2.0, < 2.0)
      rspec-support (~> 3.5.0)
    rspec-support (3.5.0)
    safe_yaml (1.0.4)
    sass (3.4.22)
    sawyer (0.8.1)
      addressable (= 2.5.0)
      faraday (~> 0.8, < 1.0)
    sinatra (1.4.7)
      rack (= 2.0.1)
      rack-protection (~> 1.4)
      tilt (>= 1.3, < 3)
    sinatra-contrib (1.4.7)
      backports (>= 2.0)
      multi_json
      rack-protection
      rack-test
      sinatra (~> 1.4.0)
      tilt (>= 1.3, < 3)
    sprockets (3.6.3)
      hike (~> 1.2)
      multi_json (~> 1.0)
      rack (= 2.0.1)
      tilt (~> 1.1, != 1.3.0)
    sprockets-helpers (1.2.1)
      sprockets (= 3.6.3)
    sprockets-sass (1.3.1)
      sprockets (= 3.6.3)
      tilt (~> 1.1)
    terminal-table (1.7.3)
      unicode-display_width (~> 1.1.1)
    thread_safe (0.3.5)
    tilt (1.4.1)
    toml (0.1.2)
      parslet (~> 1.5.0)
    typhoeus (0.8.0)
      ethon (>= 0.8.0)
    tzinfo (1.2.2)
      thread_safe (~> 0.1)
    uglifier (3.0.4)
      execjs (>= 0.3.0, < 3)
    unicode-display_width (1.1.2)
    yajl-ruby (1.2.1)

PLATFORMS
  x64-mingw32

DEPENDENCIES
  extras
  github-pages
  jekyll
  jekyll-admin
  jekyll-assets
  jekyll-avatar
  jekyll-default-layout
  jekyll-github-metadata
  jekyll-optional-front-matter
  jekyll-readme-index
  jekyll-relative-links
  jekyll-swiss
  jekyll-theme-primer
  jekyll-titles-from-headings
  maruku
  minima
  nokogiri
  pathutil
  rack
  rake
  rouge
  rspec
  sass
  uglifier

BUNDLED WITH
   1.13.6
